GEM
  remote: https://rubygems.org/
  specs:
    faraday (2.12.0)
      faraday-net_http (>= 2.0, < 3.4)
      json
      logger
    faraday-net_http (3.3.0)
      net-http
    faraday-retry (2.2.1)
      faraday (~> 2.0)
    json (2.7.2)
    logger (1.6.1)
    net-http (0.4.1)
      uri
    uri (0.13.1)

PLATFORMS
  x64-mingw-ucrt

DEPENDENCIES
  faraday
  faraday-retry

BUNDLED WITH
   2.5.19
